GEM
  remote: https://rubygems.org/
  specs:
    actioncable (7.0.4)
      actionpack (= 7.0.4)
      activesupport (= 7.0.4)
      nio4r (~> 2.0)
      websocket-driver (>= 0.6.1)
    actionmailbox (7.0.4)
      actionpack (= 7.0.4)
      activejob (= 7.0.4)
      activerecord (= 7.0.4)
      activestorage (= 7.0.4)
      activesupport (= 7.0.4)
      mail (>= 2.7.1)
      net-imap
      net-pop
      net-smtp
    actionmailer (7.0.4)
      actionpack (= 7.0.4)
      actionview (= 7.0.4)
      activejob (= 7.0.4)
      activesupport (= 7.0.4)
      mail (~> 2.5, >= 2.5.4)
      net-imap
      net-pop
      net-smtp
      rails-dom-testing (~> 2.0)
    actionpack (7.0.4)
      actionview (= 7.0.4)
      activesupport (= 7.0.4)
      rack (~> 2.0, >= 2.2.0)
      rack-test (>= 0.6.3)
      rails-dom-testing (~> 2.0)
      rails-html-sanitizer (~> 1.0, >= 1.2.0)
    actiontext (7.0.4)
      actionpack (= 7.0.4)
      activerecord (= 7.0.4)
      activestorage (= 7.0.4)
      activesupport (= 7.0.4)
      globalid (>= 0.6.0)
      nokogiri (>= 1.8.5)
    actionview (7.0.4)
      activesupport (= 7.0.4)
      builder (~> 3.1)
      erubi (~> 1.4)
      rails-dom-testing (~> 2.0)
      rails-html-sanitizer (~> 1.1, >= 1.2.0)
    activejob (7.0.4)
      activesupport (= 7.0.4)
      globalid (>= 0.3.6)
    activemodel (7.0.4)
      activesupport (= 7.0.4)
    activerecord (7.0.4)
      activemodel (= 7.0.4)
      activesupport (= 7.0.4)
    activestorage (7.0.4)
      actionpack (= 7.0.4)
      activejob (= 7.0.4)
      activerecord (= 7.0.4)
      activesupport (= 7.0.4)
      marcel (~> 1.0)
      mini_mime (>= 1.1.0)
    activesupport (7.0.4)
      concurrent-ruby (~> 1.0, >= 1.0.2)
      i18n (>= 1.6, < 2)
      minitest (>= 5.1)
      tzinfo (~> 2.0)
    addressable (2.8.1)
      public_suffix (>= 2.0.2, < 6.0)
    ast (2.4.2)
    bindex (0.8.1)
    bootsnap (1.15.0)
      msgpack (~> 1.2)
    bson (4.15.0)
    builder (3.2.4)
    capybara (3.38.0)
      addressable
      matrix
      mini_mime (>= 0.1.3)
      nokogiri (~> 1.8)
      rack (>= 1.6.0)
      rack-test (>= 0.6.3)
      regexp_parser (>= 1.5, < 3.0)
      xpath (~> 3.2)
    commander (4.6.0)
      highline (~> 2.0.0)
    concurrent-ruby (1.1.10)
    crass (1.0.6)
    dalli (3.2.3)
    date (3.3.3)
    debug (1.7.1)
      irb (>= 1.5.0)
      reline (>= 0.3.1)
    diff-lcs (1.5.0)
    dotiw (5.3.3)
      activesupport
      i18n
    erubi (1.12.0)
    globalid (1.0.0)
      activesupport (>= 5.0)
    highline (2.0.3)
    i18n (1.12.0)
      concurrent-ruby (~> 1.0)
    importmap-rails (1.1.5)
      actionpack (>= 6.0.0)
      railties (>= 6.0.0)
    io-console (0.6.0)
    irb (1.6.2)
      reline (>= 0.3.0)
    jbuilder (2.11.5)
      actionview (>= 5.0.0)
      activesupport (>= 5.0.0)
    json (2.6.3)
    language_server-protocol (3.17.0.2)
    loofah (2.19.1)
      crass (~> 1.0.2)
      nokogiri (>= 1.5.9)
    mail (2.8.0)
      mini_mime (>= 0.1.1)
      net-imap
      net-pop
      net-smtp
    marcel (1.0.2)
    matrix (0.4.2)
    method_source (1.0.0)
    mini_mime (1.1.2)
    minitest (5.17.0)
    monetize (1.12.0)
      money (~> 6.12)
    money (6.16.0)
      i18n (>= 0.6.4, <= 2)
    money-rails (1.15.0)
      activesupport (>= 3.0)
      monetize (~> 1.9)
      money (~> 6.13)
      railties (>= 3.0)
    mongo (2.18.2)
      bson (>= 4.14.1, < 5.0.0)
    mongoid (8.0.3)
      activemodel (>= 5.1, < 7.1, != 7.0.0)
      mongo (>= 2.18.0, < 3.0.0)
      ruby2_keywords (~> 0.0.5)
    msgpack (1.6.0)
    net-imap (0.3.4)
      date
      net-protocol
    net-pop (0.1.2)
      net-protocol
    net-protocol (0.2.1)
      timeout
    net-smtp (0.3.3)
      net-protocol
    netrc (0.11.0)
    nio4r (2.5.8)
    nokogiri (1.13.10-x86_64-linux)
      racc (~> 1.4)
    pagy (6.0.1)
    parallel (1.22.1)
    parlour (8.1.0)
      commander (~> 4.5)
      parser
      rainbow (~> 3.0)
      sorbet-runtime (>= 0.5)
    parser (3.2.0.0)
      ast (~> 2.4.1)
    pg (1.4.5)
    polyfill (1.9.0)
    prettier_print (1.2.0)
    public_suffix (5.0.1)
    puma (5.6.5)
      nio4r (~> 2.0)
    racc (1.6.2)
    rack (2.2.5)
    rack-test (2.0.2)
      rack (>= 1.3)
    rails (7.0.4)
      actioncable (= 7.0.4)
      actionmailbox (= 7.0.4)
      actionmailer (= 7.0.4)
      actionpack (= 7.0.4)
      actiontext (= 7.0.4)
      actionview (= 7.0.4)
      activejob (= 7.0.4)
      activemodel (= 7.0.4)
      activerecord (= 7.0.4)
      activestorage (= 7.0.4)
      activesupport (= 7.0.4)
      bundler (>= 1.15.0)
      railties (= 7.0.4)
    rails-dom-testing (2.0.3)
      activesupport (>= 4.2.0)
      nokogiri (>= 1.6)
    rails-html-sanitizer (1.4.4)
      loofah (~> 2.19, >= 2.19.1)
    railties (7.0.4)
      actionpack (= 7.0.4)
      activesupport (= 7.0.4)
      method_source
      rake (>= 12.2)
      thor (~> 1.0)
      zeitwerk (~> 2.5)
    rainbow (3.1.1)
    rake (13.0.6)
    rbi (0.0.16)
      ast
      parser (>= 2.6.4.0)
      sorbet-runtime (>= 0.5.9204)
      unparser
    regexp_parser (2.6.1)
    reline (0.3.2)
      io-console (~> 0.5)
    rexml (3.2.5)
    rubocop (1.42.0)
      json (~> 2.3)
      parallel (~> 1.10)
      parser (>= 3.1.2.1)
      rainbow (>= 2.2.2, < 4.0)
      regexp_parser (>= 1.8, < 3.0)
      rexml (>= 3.2.5, < 4.0)
      rubocop-ast (>= 1.24.1, < 2.0)
      ruby-progressbar (~> 1.7)
      unicode-display_width (>= 1.4.0, < 3.0)
    rubocop-ast (1.24.1)
      parser (>= 3.1.1.0)
    ruby-lsp (0.3.7)
      language_server-protocol (~> 3.17.0)
      sorbet-runtime
      syntax_tree (>= 4.0.2, < 5.0.0)
    ruby-progressbar (1.11.0)
    ruby2_keywords (0.0.5)
    rubyzip (2.3.2)
    safe_type (1.1.1)
    selenium-webdriver (4.7.1)
      rexml (~> 3.2, >= 3.2.5)
      rubyzip (>= 1.2.2, < 3.0)
      websocket (~> 1.0)
    sorbet (0.5.10607)
      sorbet-static (= 0.5.10607)
    sorbet-coerce (0.7.0)
      polyfill (~> 1.8)
      safe_type (~> 1.1, >= 1.1.1)
      sorbet-runtime (>= 0.4.4704)
    sorbet-rails (0.7.34)
      method_source (>= 0.9.2)
      parlour (>= 4.0.1)
      parser (>= 2.7)
      sorbet-coerce (>= 0.2.6)
      sorbet-runtime (>= 0.5.9892)
    sorbet-runtime (0.5.10607)
    sorbet-static (0.5.10607-x86_64-linux)
    sorbet-static-and-runtime (0.5.10607)
      sorbet (= 0.5.10607)
      sorbet-runtime (= 0.5.10607)
    spoom (1.1.15)
      sorbet (>= 0.5.10187)
      sorbet-runtime (>= 0.5.9204)
      thor (>= 0.19.2)
    sprockets (4.2.0)
      concurrent-ruby (~> 1.0)
      rack (>= 2.2.4, < 4)
    sprockets-rails (3.4.2)
      actionpack (>= 5.2)
      activesupport (>= 5.2)
      sprockets (>= 3.0.0)
    stimulus-rails (1.2.1)
      railties (>= 6.0.0)
    syntax_tree (4.3.0)
      prettier_print (>= 1.0.2)
    tailwindcss-rails (2.0.17-x86_64-linux)
      railties (>= 6.0.0)
    tapioca (0.10.5)
      bundler (>= 1.17.3)
      netrc (>= 0.11.0)
      parallel (>= 1.21.0)
      rbi (~> 0.0.0, >= 0.0.16)
      sorbet-static-and-runtime (>= 0.5.10187)
      spoom (~> 1.1.0, >= 1.1.11)
      thor (>= 1.2.0)
      yard-sorbet
    thor (1.2.1)
    timeout (0.3.1)
    turbo-rails (1.3.2)
      actionpack (>= 6.0.0)
      activejob (>= 6.0.0)
      railties (>= 6.0.0)
    tzinfo (2.0.5)
      concurrent-ruby (~> 1.0)
    unicode-display_width (2.4.2)
    unparser (0.6.5)
      diff-lcs (~> 1.3)
      parser (>= 3.1.0)
    web-console (4.2.0)
      actionview (>= 6.0.0)
      activemodel (>= 6.0.0)
      bindex (>= 0.4.0)
      railties (>= 6.0.0)
    webdrivers (5.2.0)
      nokogiri (~> 1.6)
      rubyzip (>= 1.3.0)
      selenium-webdriver (~> 4.0)
    webrick (1.7.0)
    websocket (1.2.9)
    websocket-driver (0.7.5)
      websocket-extensions (>= 0.1.0)
    websocket-extensions (0.1.5)
    xpath (3.2.0)
      nokogiri (~> 1.8)
    yard (0.9.28)
      webrick (~> 1.7.0)
    yard-sorbet (0.7.0)
      sorbet-runtime (>= 0.5)
      yard (>= 0.9)
    zeitwerk (2.6.6)

PLATFORMS
  x86_64-linux

DEPENDENCIES
  bootsnap
  capybara
  dalli
  debug
  dotiw (~> 5.3)
  importmap-rails
  jbuilder
  money-rails (~> 1.15)
  mongoid
  pagy (~> 6.0)
  pg (~> 1.1)
  puma (~> 5.0)
  rails (~> 7.0.4)
  rubocop
  ruby-lsp (~> 0.3.7)
  selenium-webdriver
  sorbet
  sorbet-rails
  sorbet-runtime
  sprockets-rails
  stimulus-rails
  tailwindcss-rails (~> 2.0)
  tapioca
  turbo-rails
  tzinfo-data
  web-console
  webdrivers

RUBY VERSION
   ruby 3.1.3p185

BUNDLED WITH
   2.3.26
